GIT
  remote: https://github.com/lombardpress/lbp.rb.git
  revision: b230b59f19b5ce172eac521b1d5c25c9f4a72e00
  branch: develop
  specs:
    lbp (0.1.3)
      net-http-persistent (~> 3.0.0)
      nokogiri (= 1.8.5)
      rdf (~> 3.0.0)
      rdf-rdfxml (~> 2.2.0)
      rdf-vocab (~> 3.0.0)
      rest-client (~> 2.0.0)
      thor

GEM
  remote: https://rubygems.org/
  specs:
    builder (3.2.3)
    coderay (1.1.2)
    concurrent-ruby (1.0.5)
    connection_pool (2.2.2)
    domain_name (0.5.20180417)
      unf (>= 0.0.5, < 1.0.0)
    ebnf (1.1.3)
      rdf (~> 3.0)
      sxp (~> 1.0)
    equivalent-xml (0.6.0)
      nokogiri (>= 1.4.3)
    haml (5.0.4)
      temple (>= 0.8.0)
      tilt
    hamster (3.0.0)
      concurrent-ruby (~> 1.0)
    htmlentities (4.3.4)
    http-cookie (1.0.3)
      domain_name (~> 0.5)
    httparty (0.13.7)
      json (~> 1.8)
      multi_xml (>= 0.5.2)
    json (1.8.6)
    json-ld (3.0.2)
      multi_json (~> 1.12)
      rdf (>= 2.2.8, < 4.0)
    link_header (0.0.8)
    linkeddata (0.3.5)
      json-ld (>= 0.1.0)
      rdf (>= 0.3.5)
      rdf-isomorphic (>= 0.3.4)
      rdf-json (>= 0.3.0)
      rdf-microdata (>= 0.2.3)
      rdf-n3 (>= 0.3.6)
      rdf-rdfa (>= 0.3.9)
      rdf-rdfxml (>= 0.3.5)
      rdf-trig (>= 0.1.1)
      rdf-trix (>= 0.3.0)
      rdf-turtle (>= 0.1.1)
    method_source (0.9.0)
    mime-types (3.2.2)
      mime-types-data (~> 3.2015)
    mime-types-data (3.2018.0812)
    mini_portile2 (2.3.0)
    multi_json (1.13.1)
    multi_xml (0.6.0)
    net-http-persistent (3.0.0)
      connection_pool (~> 2.2)
    netrc (0.11.0)
    nokogiri (1.8.5)
      mini_portile2 (~> 2.3.0)
    pry (0.11.3)
      coderay (~> 1.1.0)
      method_source (~> 0.9.0)
    puma (3.12.6)
    rack (1.6.10)
    rack-linkeddata (0.3.0)
      linkeddata (~> 0.3.0)
      rack (>= 1.0)
    rack-protection (1.5.5)
      rack
    rdf (3.0.5)
      hamster (~> 3.0)
      link_header (~> 0.0, >= 0.0.8)
    rdf-aggregate-repo (2.2.1)
      rdf (>= 2.2, < 4.0)
    rdf-isomorphic (3.0.0)
      rdf (~> 3.0)
    rdf-json (2.2.0)
      rdf (>= 2.2, < 4.0)
    rdf-microdata (2.2.3)
      htmlentities (~> 4.3)
      nokogiri (~> 1.8)
      rdf (>= 2.2.8, < 4.0)
      rdf-xsd (>= 2.2, < 4.0)
    rdf-n3 (3.0.1)
      rdf (~> 3.0)
    rdf-rdfa (3.0.1)
      haml (~> 5.0)
      htmlentities (~> 4.3)
      rdf (~> 3.0)
      rdf-aggregate-repo (>= 2.2, < 4.0)
      rdf-xsd (~> 3.0)
    rdf-rdfxml (2.2.1)
      htmlentities (~> 4.3)
      rdf (>= 2.2, < 4.0)
      rdf-rdfa (>= 2.2, < 4.0)
      rdf-xsd (>= 2.2, < 4.0)
    rdf-trig (3.0.1)
      ebnf (~> 1.1)
      rdf (~> 3.0)
      rdf-turtle (~> 3.0, >= 3.0.3)
    rdf-trix (2.2.1)
      rdf (>= 2.2, < 4.0)
    rdf-turtle (3.0.3)
      ebnf (~> 1.1)
      rdf (~> 3.0)
    rdf-vocab (3.0.3)
      rdf (~> 3.0)
    rdf-xsd (3.0.1)
      rdf (~> 3.0)
    rest-client (2.0.2)
      http-cookie (>= 1.0.2, < 2.0)
      mime-types (>= 1.16, < 4.0)
      netrc (~> 0.8)
    sass (3.4.25)
    sinatra (1.4.8)
      rack (~> 1.5)
      rack-protection (~> 1.4)
      tilt (>= 1.3, < 3)
    sinatra-linkeddata (0.3.0)
      rack-linkeddata (~> 0.3.0)
      sinatra (>= 1.0)
    sparql (3.0.2)
      builder (~> 3.2)
      ebnf (~> 1.1)
      rdf (~> 3.0)
      rdf-aggregate-repo (>= 2.2, < 4.0)
      rdf-xsd (~> 3.0)
      sparql-client (~> 3.0)
      sxp (~> 1.0)
    sparql-client (3.0.0)
      net-http-persistent (>= 2.9, < 4)
      rdf (~> 3.0)
    sxp (1.0.1)
      rdf (>= 2.2, < 4.0)
    temple (0.8.0)
    thor (0.20.0)
    tilt (2.0.8)
    unf (0.1.4)
      unf_ext
    unf_ext (0.0.7.5)

PLATFORMS
  ruby

DEPENDENCIES
  equivalent-xml (~> 0.6.0)
  httparty (~> 0.13.7)
  lbp!
  linkeddata (~> 0.3.0)
  nokogiri (~> 1.8.5)
  pry
  puma (~> 3.12.6)
  rdf (~> 3.0.0)
  sass (~> 3.4.0)
  sinatra (~> 1.4.6)
  sinatra-linkeddata (~> 0.3.0)
  sparql (~> 3.0.0)

RUBY VERSION
   ruby 2.3.1p112

BUNDLED WITH
   1.14.3
